GEM
  remote: http://rubygems.org/
  specs:
    coderay (1.1.2)
    method_source (0.9.0)
    mustermann (1.0.1)
    pry (0.11.2)
      coderay (~> 1.1.0)
      method_source (~> 0.9.0)
    rack (2.0.3)
    rack-protection (2.0.0)
      rack
    sinatra (2.0.0)
      mustermann (~> 1.0)
      rack (~> 2.0)
      rack-protection (= 2.0.0)
      tilt (~> 2.0)
    sinatra-cross_origin (0.4.0)
    tilt (2.0.8)

PLATFORMS
  ruby

DEPENDENCIES
  pry
  sinatra
  sinatra-cross_origin

BUNDLED WITH
   1.16.0
